GEM
  remote: https://rubygems.org/
  specs:
    activemodel (3.2.17)
      activesupport (= 3.2.17)
      builder (~> 3.0.0)
    activesupport (3.2.17)
      i18n (~> 0.6, >= 0.6.4)
      multi_json (~> 1.0)
    addressable (2.3.6)
    builder (3.0.4)
    diff-lcs (1.2.5)
    git_repository (0.0.11)
    i18n (0.6.9)
    json (1.8.1)
    mime-types (2.2)
    minitest (4.0.0)
    multi_json (1.9.3)
    oauth (0.4.7)
    peach (0.5.1)
    rest-client (1.6.7)
      mime-types (>= 1.16)
    rspec-expectations (2.14.5)
      diff-lcs (>= 1.1.3, < 2.0)
    ruby-trello (1.1.1)
      activemodel (>= 3.2.0)
      addressable (~> 2.3)
      json
      oauth (~> 0.4.5)
      rest-client (~> 1.6.7)

PLATFORMS
  ruby

DEPENDENCIES
  git_repository
  minitest (~> 4.0)
  peach
  rspec-expectations
  ruby-trello
